GEM
  remote: https://rubygems.org/
  specs:
    ansi (1.4.3)
    builder (3.2.2)
    minitest (5.3.4)
    minitest-reporters (1.0.4)
      ansi
      builder
      minitest (>= 5.0)
      ruby-progressbar
    rake (10.3.2)
    ruby-progressbar (1.5.1)

PLATFORMS
  ruby

DEPENDENCIES
  minitest
  minitest-reporters
  rake
