GEM
  remote: https://rubygems.org/
  specs:
    minitest (5.3.4)
    minitest-rg (5.1.0)
      minitest (~> 5.0)
    rake (12.3.3)

PLATFORMS
  ruby

DEPENDENCIES
  minitest
  minitest-rg
  rake
